GEM
  remote: http://rubygems.org/
  specs:
    diff-lcs (1.1.3)
    pd (1.1.0)
    rspec (2.11.0)
      rspec-core (~> 2.11.0)
      rspec-expectations (~> 2.11.0)
      rspec-mocks (~> 2.11.0)
    rspec-core (2.11.1)
    rspec-expectations (2.11.2)
      diff-lcs (~> 1.1.3)
    rspec-mocks (2.11.2)
    thor (0.15.4)
    watchr (0.7)

PLATFORMS
  java
  ruby

DEPENDENCIES
  pd
  rspec
  thor
  watchr
