GEM
  remote: http://rubygems.org/
  specs:
    awesome_print (1.0.2)
    diff-lcs (1.1.3)
    pd (1.0.5)
      awesome_print
    rspec (2.8.0)
      rspec-core (~> 2.8.0)
      rspec-expectations (~> 2.8.0)
      rspec-mocks (~> 2.8.0)
    rspec-core (2.8.0)
    rspec-expectations (2.8.0)
      diff-lcs (~> 1.1.2)
    rspec-mocks (2.8.0)
    thor (0.14.6)
    watchr (0.7)

PLATFORMS
  ruby

DEPENDENCIES
  pd
  rspec
  thor
  watchr
